PATH
  remote: .
  specs:
    NAME (0.0)
      faraday (~> 0.5.6)
      nokogiri (~> 1.4.4)

GEM
  remote: http://rubygems.org/
  specs:
    addressable (2.2.4)
    faraday (0.5.6)
      addressable (~> 2.2.4)
      multipart-post (~> 1.1.0)
      rack (>= 1.1.0, < 2)
    multipart-post (1.1.0)
    nokogiri (1.4.4)
    rack (1.2.1)

PLATFORMS
  ruby

DEPENDENCIES
  NAME!
  faraday (~> 0.5.6)
  nokogiri (~> 1.4.4)
